PATH
  remote: .
  specs:
    jeweler (0.1.0)

GEM
  remote: https://rubygems.org/
  specs:
    ansi (1.5.0)
    builder (3.2.3)
    minitest (5.11.3)
    minitest-reporters (1.3.4)
      ansi
      builder
      minitest (>= 5.0)
      ruby-progressbar
    rake (12.3.1)
    ruby-progressbar (1.10.0)

PLATFORMS
  ruby

DEPENDENCIES
  jeweler!
  minitest
  minitest-reporters
  rake

BUNDLED WITH
   1.16.3
